GEM
  remote: http://rubygems.org/
  specs:
    activesupport (2.3.10)
    addressable (2.2.4)
    bson (1.0.9)
    durran-validatable (2.0.1)
    faraday (0.5.4)
      addressable (~> 2.2.2)
      multipart-post (~> 1.1.0)
      rack (>= 1.1.0, < 2)
    faraday_middleware (0.3.1)
      faraday (~> 0.5.3)
    hashie (0.4.0)
    mongo (1.0.9)
      bson (>= 1.0.5)
    mongoid (1.9.2)
      activesupport (< 3.0.0)
      bson (~> 1.0.1)
      durran-validatable (>= 2.0.1)
      mongo (~> 1.0.1)
      will_paginate (< 2.9)
    multi_json (0.0.5)
    multi_xml (0.2.0)
    multipart-post (1.1.0)
    oauth (0.4.4)
    rack (1.2.1)
    simple_oauth (0.1.3)
    sinatra (1.1.2)
      rack (~> 1.1)
      tilt (~> 1.2)
    tilt (1.2.2)
    twitter (1.1.1)
      faraday (~> 0.5.4)
      faraday_middleware (~> 0.3.1)
      hashie (~> 0.4.0)
      multi_json (~> 0.0.5)
      multi_xml (~> 0.2.0)
      simple_oauth (~> 0.1.3)
    will_paginate (2.3.15)

PLATFORMS
  ruby

DEPENDENCIES
  mongoid
  oauth
  sinatra
  twitter
